GEM
  remote: https://rubygems.org/
  specs:
    httparty (0.13.3)
      json (~> 1.8)
      multi_xml (>= 0.5.2)
    json (1.8.1)
    multi_xml (0.5.5)
    tinder_pyro (0.0.1)
      httparty (~> 0.3)
      json (~> 1.6)

PLATFORMS
  ruby

DEPENDENCIES
  tinder_pyro
